GIT
  remote: https://github.com/mmistakes/minimal-mistakes.git
  revision: 7c4cd3b399891ed5dd3dfbe68d57b7cc307ceddf
  tag: 4.24.0
  specs:
    minimal-mistakes-jekyll (4.24.0)
      jekyll (>= 3.7, < 5.0)
      jekyll-feed (~> 0.1)
      jekyll-gist (~> 1.5)
      jekyll-include-cache (~> 0.1)
      jekyll-paginate (~> 1.1)
      jekyll-sitemap (~> 1.3)

GEM
  remote: http://rubygems.org/
  specs:
    addressable (2.8.4)
      public_suffix (>= 2.0.2, < 6.0)
    bibtex-ruby (4.4.7)
      latex-decode (~> 0.0)
    citeproc (1.0.10)
      namae (~> 1.0)
    citeproc-ruby (1.1.14)
      citeproc (~> 1.0, >= 1.0.9)
      csl (~> 1.6)
    colorator (1.1.0)
    concurrent-ruby (1.2.2)
    csl (1.6.0)
      namae (~> 1.0)
      rexml
    csl-styles (1.0.1.11)
      csl (~> 1.0)
    em-websocket (0.5.3)
      eventmachine (>= 0.12.9)
      http_parser.rb (~> 0)
    eventmachine (1.2.7)
    eventmachine (1.2.7-x64-mingw32)
    eventmachine (1.2.7-x86-mingw32)
    faraday (1.10.3)
      faraday-em_http (~> 1.0)
      faraday-em_synchrony (~> 1.0)
      faraday-excon (~> 1.1)
      faraday-httpclient (~> 1.0)
      faraday-multipart (~> 1.0)
      faraday-net_http (~> 1.0)
      faraday-net_http_persistent (~> 1.0)
      faraday-patron (~> 1.0)
      faraday-rack (~> 1.0)
      faraday-retry (~> 1.0)
      ruby2_keywords (>= 0.0.4)
    faraday-em_http (1.0.0)
    faraday-em_synchrony (1.0.0)
    faraday-excon (1.1.0)
    faraday-httpclient (1.0.1)
    faraday-multipart (1.0.4)
      multipart-post (~> 2)
    faraday-net_http (1.0.1)
    faraday-net_http_persistent (1.2.0)
    faraday-patron (1.0.0)
    faraday-rack (1.0.0)
    faraday-retry (1.0.3)
    ffi (1.15.5)
    ffi (1.15.5-x64-mingw32)
    ffi (1.15.5-x86-mingw32)
    forwardable-extended (2.6.0)
    http_parser.rb (0.8.0)
    i18n (1.14.1)
      concurrent-ruby (~> 1.0)
    jekyll (3.9.3)
      addressable (~> 2.4)
      colorator (~> 1.0)
      em-websocket (~> 0.5)
      i18n (>= 0.7, < 2)
      jekyll-sass-converter (~> 1.0)
      jekyll-watch (~> 2.0)
      kramdown (>= 1.17, < 3)
      liquid (~> 4.0)
      mercenary (~> 0.3.3)
      pathutil (~> 0.9)
      rouge (>= 1.7, < 4)
      safe_yaml (~> 1.0)
    jekyll-feed (0.15.1)
      jekyll (>= 3.7, < 5.0)
    jekyll-gist (1.5.0)
      octokit (~> 4.2)
    jekyll-include-cache (0.2.1)
      jekyll (>= 3.7, < 5.0)
    jekyll-paginate (1.1.0)
    jekyll-sass-converter (1.5.2)
      sass (~> 3.4)
    jekyll-scholar (5.16.0)
      bibtex-ruby (~> 4.0, >= 4.0.13)
      citeproc-ruby (~> 1.0)
      csl-styles (~> 1.0)
      jekyll (~> 3.0)
    jekyll-sitemap (1.4.0)
      jekyll (>= 3.7, < 5.0)
    jekyll-watch (2.2.1)
      listen (~> 3.0)
    kramdown (2.4.0)
      rexml
    kramdown-parser-gfm (1.1.0)
      kramdown (~> 2.0)
    latex-decode (0.4.0)
    liquid (4.0.4)
    listen (3.8.0)
      rb-fsevent (~> 0.10, >= 0.10.3)
      rb-inotify (~> 0.9, >= 0.9.10)
    mercenary (0.3.6)
    multipart-post (2.3.0)
    namae (1.1.1)
    octokit (4.25.1)
      faraday (>= 1, < 3)
      sawyer (~> 0.9)
    octopress (3.0.11)
      jekyll (>= 2.0)
      mercenary (~> 0.3.2)
      octopress-deploy
      octopress-escape-code (~> 2.0)
      octopress-hooks (~> 2.0)
      redcarpet (~> 3.0)
      titlecase
    octopress-deploy (1.3.0)
      colorator
    octopress-escape-code (2.1.1)
      jekyll (~> 3.0)
    octopress-hooks (2.6.2)
      jekyll (>= 2.0)
    pathutil (0.16.2)
      forwardable-extended (~> 2.6)
    public_suffix (4.0.7)
    pygments.rb (2.3.1)
    rb-fsevent (0.11.2)
    rb-inotify (0.10.1)
      ffi (~> 1.0)
    redcarpet (3.6.0)
    rexml (3.2.5)
    rouge (3.30.0)
    ruby2_keywords (0.0.5)
    safe_yaml (1.0.5)
    sass (3.7.4)
      sass-listen (~> 4.0.0)
    sass-listen (4.0.0)
      rb-fsevent (~> 0.9, >= 0.9.4)
      rb-inotify (~> 0.9, >= 0.9.7)
    sawyer (0.9.2)
      addressable (>= 2.3.5)
      faraday (>= 0.17.3, < 3)
    titlecase (0.1.1)

PLATFORMS
  ruby
  x64-mingw32
  x86-mingw32

DEPENDENCIES
  jekyll
  jekyll-gist
  jekyll-include-cache
  jekyll-scholar
  jekyll-sitemap
  kramdown-parser-gfm
  minimal-mistakes-jekyll!
  octopress
  pygments.rb

BUNDLED WITH
   1.16.0.pre.2
